GEM
  remote: https://rubygems.org/
  specs:
    diff-lcs (1.2.5)
    geoelevation (0.0.1)
    geokit (1.10.0)
    mini_portile (0.6.2)
    nokogiri (1.6.6.2)
      mini_portile (~> 0.6.0)
    rake (10.1.0)
    rspec (3.3.0)
      rspec-core (~> 3.3.0)
      rspec-expectations (~> 3.3.0)
      rspec-mocks (~> 3.3.0)
    rspec-core (3.3.2)
      rspec-support (~> 3.3.0)
    rspec-expectations (3.3.1)
      diff-lcs (>= 1.2.0, < 2.0)
      rspec-support (~> 3.3.0)
    rspec-mocks (3.3.2)
      diff-lcs (>= 1.2.0, < 2.0)
      rspec-support (~> 3.3.0)
    rspec-support (3.3.0)
    zip (2.0.2)

PLATFORMS
  ruby

DEPENDENCIES
  geoelevation
  geokit
  nokogiri
  rake
  rspec
  zip
